GIT
  remote: git://github.com/thibaudgg/rb-fsevent.git
  revision: 63c552f0af8ac5a0bd025d34a49f60e6bcffb099
  specs:
    rb-fsevent (0.9.1)

PATH
  remote: .
  specs:
    space (0.0.9)
      ansi (~> 1.4.2)
      hashr (~> 0.0.20)
      rb-fsevent

GEM
  remote: http://rubygems.org/
  specs:
    ansi (1.4.2)
    diff-lcs (1.1.3)
    ffi (1.0.11)
    guard (1.0.1)
      ffi (>= 0.5.0)
      thor (~> 0.14.6)
    guard-rspec (0.7.0)
      guard (>= 0.10.0)
    hashr (0.0.21)
    metaclass (0.0.1)
    mocha (0.10.5)
      metaclass (~> 0.0.1)
    rake (0.9.2.2)
    rspec (2.9.0)
      rspec-core (~> 2.9.0)
      rspec-expectations (~> 2.9.0)
      rspec-mocks (~> 2.9.0)
    rspec-core (2.9.0)
    rspec-expectations (2.9.1)
      diff-lcs (~> 1.1.3)
    rspec-mocks (2.9.0)
    thor (0.14.6)

PLATFORMS
  ruby

DEPENDENCIES
  guard-rspec
  mocha
  rake
  rb-fsevent!
  rspec
  space!
